GEM
  remote: https://rubygems.org/
  specs:
    algorithms (0.6.1)
    concurrent-ruby (1.0.0)
    connection_pool (2.2.0)
    faker (1.6.1)
      i18n (~> 0.5)
    i18n (0.7.0)
    rake (10.5.0)
    redis (3.2.2)
    redis-namespace (1.5.2)
      redis (~> 3.0, >= 3.0.4)
    sidekiq (4.1.0)
      concurrent-ruby (~> 1.0)
      connection_pool (~> 2.2, >= 2.2.0)
      redis (~> 3.2, >= 3.2.1)
    sidekiq-ent (1.2.0)
      algorithms
      sidekiq (~> 4, >= 4.0.2)
      sidekiq-pro (~> 3, >= 3.0.1)
    sidekiq-pro (3.0.5)
      sidekiq (>= 4.0.0)

PLATFORMS
  ruby

DEPENDENCIES
  faker
  rake
  redis-namespace
  sidekiq (< 5)
  sidekiq-ent (~> 1.0)

BUNDLED WITH
   1.11.2
