GEM
  remote: https://rubygems.org/
  specs:
    algorithms (0.6.1)
    celluloid (0.17.2)
      celluloid-essentials
      celluloid-extras
      celluloid-fsm
      celluloid-pool
      celluloid-supervision
      timers (>= 4.1.1)
    celluloid-essentials (0.20.5)
      timers (>= 4.1.1)
    celluloid-extras (0.20.5)
      timers (>= 4.1.1)
    celluloid-fsm (0.20.5)
      timers (>= 4.1.1)
    celluloid-pool (0.20.5)
      timers (>= 4.1.1)
    celluloid-supervision (0.20.5)
      timers (>= 4.1.1)
    connection_pool (2.2.0)
    faker (1.5.0)
      i18n (~> 0.5)
    hitimes (1.2.3)
    i18n (0.7.0)
    json (1.8.3)
    rake (10.4.2)
    redis (3.2.1)
    redis-namespace (1.5.2)
      redis (~> 3.0, >= 3.0.4)
    sidekiq (3.5.3)
      celluloid (~> 0.17.2)
      connection_pool (~> 2.2, >= 2.2.0)
      json (~> 1.0)
      redis (~> 3.2, >= 3.2.1)
      redis-namespace (~> 1.5, >= 1.5.2)
    sidekiq-ent (0.7.8)
      algorithms
      sidekiq-pro (~> 2, >= 2.0.4)
    sidekiq-pro (2.1.3)
      sidekiq (~> 3, >= 3.4.2)
    timers (4.1.1)
      hitimes

PLATFORMS
  ruby

DEPENDENCIES
  faker
  rake
  sidekiq-ent (~> 0.7.8)

BUNDLED WITH
   1.11.2
